GEM
  remote: http://rubygems.org/
  specs:
    aalib-ruby (0.7.1)
    ffi (1.0.11)
    ffi (1.0.11-java)
    free-image (0.6.2)
      ffi (>= 1.0.10)
    json (1.6.1)
    json (1.6.1-java)
    nokogiri (1.5.0)
    nokogiri (1.5.0-java)
    sanitize (2.0.3)
      nokogiri (>= 1.4.4, < 1.6)
    xmpp4r (0.5)

PLATFORMS
  java
  ruby

DEPENDENCIES
  aalib-ruby
  free-image
  json
  nokogiri
  sanitize
  xmpp4r
