GEM
  remote: https://rubygems.org/
  specs:
    faraday (0.8.7)
      multipart-post (~> 1.1)
    json (1.6.1)
    json (1.6.1-java)
    multi_json (1.7.6)
    multipart-post (1.2.0)
    nokogiri (1.5.0)
    nokogiri (1.5.0-java)
    sanitize (2.0.3)
      nokogiri (>= 1.4.4, < 1.6)
    simple_oauth (0.2.0)
    twitter (4.8.0)
      faraday (~> 0.8, < 0.10)
      multi_json (~> 1.0)
      simple_oauth (~> 0.2)
    xmpp4r (0.5)

PLATFORMS
  java
  ruby

DEPENDENCIES
  json
  nokogiri
  sanitize
  twitter
  xmpp4r
