GEM
  remote: http://rubygems.org/
  specs:
    json (1.6.1)
    json (1.6.1-java)
    nokogiri (1.5.0)
    nokogiri (1.5.0-java)
    sanitize (2.0.3)
      nokogiri (>= 1.4.4, < 1.6)
    xmpp4r (0.5)

PLATFORMS
  java
  ruby

DEPENDENCIES
  json
  nokogiri
  sanitize
  xmpp4r
